GIT
  remote: http://github.com/postmodern/contextify.git
  revision: 6b1b1bba1fc0c923d2dea83140ffe982a6624ca4
  specs:
    contextify (0.1.6)

GIT
  remote: http://github.com/postmodern/dm-migrations.git
  revision: 0fbaeefb1d260ac312d23b13d62c09de89d1f1af
  branch: runner
  specs:
    dm-migrations (1.0.2)
      dm-core (~> 1.0.2)

GIT
  remote: http://github.com/postmodern/rprogram.git
  revision: d6738e211133562fb78a88a96480d7a1bcb1a180
  specs:
    rprogram (0.2.0)

GIT
  remote: http://github.com/ronin-ruby/ronin-exploits.git
  revision: f5dea67bce44390121032b44b5182d75f4701618
  specs:
    ronin-exploits (0.4.0)
      data_paths (~> 0.2.1)
      open_namespace (~> 0.3.0)
      ronin (~> 0.4.0)
      ronin-gen (~> 0.3.0)
      ronin-support (~> 0.1.0)
      uri-query_params (~> 0.4.0)

GIT
  remote: http://github.com/ronin-ruby/ronin-gen.git
  revision: 0a5efba63221c62198fba688a2c2c0cd6ff120d6
  specs:
    ronin-gen (0.3.0)
      data_paths (~> 0.2.1)
      open_namespace (~> 0.3.0)
      ronin (~> 0.4.0)
      ronin-support (~> 0.1.0)
      thor (~> 0.14.2)

GIT
  remote: http://github.com/ronin-ruby/ronin-support.git
  revision: 78a8d1c8efcd6a3deea523ef3a513453dd013376
  specs:
    ronin-support (0.1.0)
      chars (~> 0.1.2)
      combinatorics (~> 0.2.0)
      data_paths (~> 0.2.1)
      uri-query_params (~> 0.4.0)

GIT
  remote: http://github.com/ronin-ruby/ronin.git
  revision: d90ceaa2f6b208944e4fa843e088df913b8dfc27
  specs:
    ronin (0.4.0)
      activesupport (~> 3.0.0)
      contextify (~> 0.1.6)
      data_paths (~> 0.2.1)
      dm-aggregates (~> 1.0.2)
      dm-constraints (~> 1.0.2)
      dm-core (~> 1.0.2)
      dm-do-adapter (~> 1.0.2)
      dm-is-predefined (~> 0.3.0)
      dm-migrations (~> 1.0.2)
      dm-sqlite-adapter (~> 1.0.2)
      dm-tags (~> 1.0.2)
      dm-timestamps (~> 1.0.2)
      dm-types (~> 1.0.2)
      dm-validations (~> 1.0.2)
      nokogiri (~> 1.4.1)
      open_namespace (~> 0.3.0)
      parameters (~> 0.2.2)
      pullr (~> 0.1.2)
      ronin-support (~> 0.1.0)
      thor (~> 0.14.2)
      tzinfo (~> 0.3.22)
      uri-query_params (~> 0.4.0)

GIT
  remote: http://github.com/sophsec/ruby-nmap.git
  revision: 4487f6f2870c26a05822ce4300633b2a8b70a268
  specs:
    ruby-nmap (0.1.2)
      nokogiri (>= 1.3.0)
      rprogram (>= 0.1.8)

GEM
  remote: https://rubygems.org/
  specs:
    activesupport (3.0.1)
    addressable (2.2.2)
    chars (0.1.2)
      yard (>= 0.2.3.5)
    combinatorics (0.2.0)
    data_objects (0.10.2)
      addressable (~> 2.1)
    data_paths (0.2.1)
    diff-lcs (1.1.2)
    dm-aggregates (1.0.2)
      dm-core (~> 1.0.2)
    dm-constraints (1.0.2)
      dm-core (~> 1.0.2)
      dm-migrations (~> 1.0.2)
    dm-core (1.0.2)
      addressable (~> 2.2)
      extlib (~> 0.9.15)
    dm-do-adapter (1.0.2)
      data_objects (~> 0.10.2)
      dm-core (~> 1.0.2)
    dm-is-predefined (0.3.0)
      activesupport (~> 3.0.0.beta3)
      dm-core (~> 1.0.0)
    dm-sqlite-adapter (1.0.2)
      dm-do-adapter (~> 1.0.2)
      do_sqlite3 (~> 0.10.2)
    dm-tags (1.0.2)
      dm-core (~> 1.0.2)
    dm-timestamps (1.0.2)
      dm-core (~> 1.0.2)
    dm-types (1.0.2)
      dm-core (~> 1.0.2)
      fastercsv (~> 1.5.3)
      json_pure (~> 1.4)
      stringex (~> 1.1.0)
      uuidtools (~> 2.1.1)
    dm-validations (1.0.2)
      dm-core (~> 1.0.2)
    dm-visualizer (0.1.0)
      dm-core (>= 0.10.2)
      ruby-graphviz (>= 0.9.10)
      thor (>= 0.13.4)
    do_sqlite3 (0.10.2)
      data_objects (= 0.10.2)
    extlib (0.9.15)
    fastercsv (1.5.3)
    git (1.2.5)
    jeweler (1.5.0.pre5)
      bundler (~> 1.0.0)
      git (>= 1.2.5)
      rake
    json_pure (1.4.6)
    nokogiri (1.4.3.1)
    open_namespace (0.3.0)
    parameters (0.2.2)
    pullr (0.1.3)
      addressable (>= 2.1.1)
    rake (0.8.7)
    rdiscount (1.6.5)
    rspec (2.0.0)
      rspec-core (= 2.0.0)
      rspec-expectations (= 2.0.0)
      rspec-mocks (= 2.0.0)
    rspec-core (2.0.0)
    rspec-expectations (2.0.0)
      diff-lcs (>= 1.1.2)
    rspec-mocks (2.0.0)
      rspec-core (= 2.0.0)
      rspec-expectations (= 2.0.0)
    ruby-graphviz (0.9.17)
    spidr (0.2.7)
    stringex (1.1.0)
    thor (0.14.3)
    tzinfo (0.3.23)
    uri-query_params (0.4.0)
    uuidtools (2.1.1)
    yard (0.6.1)
    yard-contextify (0.1.0)
      yard (>= 0.4.0)
    yard-parameters (0.1.1)
      yard (>= 0.4.0)

PLATFORMS
  ruby

DEPENDENCIES
  contextify (~> 0.1.6)!
  dm-migrations (~> 1.0.2)!
  dm-visualizer (~> 0.1.0)
  jeweler (~> 1.5.0.pre)
  nokogiri (~> 1.4.1)
  open_namespace (~> 0.3.0)
  rake (~> 0.8.7)
  rdiscount (~> 1.6.3)
  ronin (~> 0.4.0)!
  ronin-exploits (~> 0.4.0)!
  ronin-gen (~> 0.3.0)!
  ronin-support (~> 0.1.0)!
  rprogram (~> 0.2.0)!
  rspec (~> 2.0.0)
  ruby-nmap (~> 0.1.0)!
  spidr (~> 0.2.4)
  yard (~> 0.6.0)
  yard-contextify (~> 0.1.0)
  yard-parameters (~> 0.1.0)
